PATH
  remote: .
  specs:
    jeweler (1.8.4)
      bundler (~> 1.3.0.pre)
      git (>= 1.2.5)
      rake
      rdoc

GEM
  remote: http://rubygems.org/
  remote: http://gems.github.com/
  specs:
    activesupport (2.3.17)
    bluecloth (2.2.0)
    builder (3.2.0)
    cucumber (1.1.9)
      builder (>= 2.1.2)
      diff-lcs (>= 1.1.2)
      gherkin (~> 2.9.0)
      json (>= 1.4.6)
      term-ansicolor (>= 1.0.6)
    diff-lcs (1.2.1)
    gherkin (2.9.3)
      json (>= 1.4.6)
    git (1.2.5)
    json (1.7.7)
    metaclass (0.0.1)
    mhennemeyer-output_catcher (1.0.1)
    mocha (0.13.2)
      metaclass (~> 0.0.1)
    multi_json (1.6.1)
    rake (10.0.3)
    rdoc (4.0.0)
    redgreen (1.2.2)
    rr (1.0.4)
    shoulda (3.0.1)
      shoulda-context (~> 1.0.0)
      shoulda-matchers (~> 1.0.0)
    shoulda-context (1.0.2)
    shoulda-matchers (1.0.0)
    simplecov (0.7.1)
      multi_json (~> 1.0)
      simplecov-html (~> 0.7.1)
    simplecov-html (0.7.1)
    term-ansicolor (1.0.7)
    test-construct (1.2.0)
    timecop (0.5.9.2)
    yard (0.8.5)

PLATFORMS
  ruby

DEPENDENCIES
  activesupport (~> 2.3.5)
  bluecloth
  bundler (~> 1.3.0.pre)
  cucumber (~> 1.1.4)
  git (>= 1.2.5)
  jeweler!
  mhennemeyer-output_catcher
  mocha
  rake
  rdoc
  redgreen
  rr (~> 1.0.4)
  shoulda
  simplecov
  test-construct
  timecop
  yard (~> 0.8.4)
